GEM
  remote: https://rubygems.org/
  specs:
    builder (3.2.2)
    fake_sqs (0.3.0)
      builder
      sinatra
    rack (1.6.4)
    rack-protection (1.5.3)
      rack
    sinatra (1.4.6)
      rack (~> 1.4)
      rack-protection (~> 1.4)
      tilt (>= 1.3, < 3)
    tilt (2.0.1)

PLATFORMS
  ruby

DEPENDENCIES
  fake_sqs

BUNDLED WITH
   1.10.6
